PATH
  remote: .
  specs:
    number_parser (0.2.0)

GEM
  remote: https://rubygems.org/
  specs:
    minitest (5.11.3)
    rake (10.5.0)

PLATFORMS
  ruby

DEPENDENCIES
  bundler (~> 1.16)
  minitest (~> 5.0)
  number_parser!
  rake (~> 10.0)

BUNDLED WITH
   1.16.3
